GEM
  remote: http://rubygems.org/
  specs:
    foreman (0.41.0)
      thor (>= 0.13.6)
    httparty (0.8.1)
      multi_json
      multi_xml
    kgio (2.7.3)
    multi_json (1.1.0)
    multi_xml (0.4.2)
    rack (1.4.1)
    rack-protection (1.2.0)
      rack
    raindrops (0.8.0)
    sinatra (1.3.2)
      rack (~> 1.3, >= 1.3.6)
      rack-protection (~> 1.2)
      tilt (~> 1.3, >= 1.3.3)
    thor (0.14.6)
    tilt (1.3.3)
    unicorn (4.2.0)
      kgio (~> 2.6)
      rack
      raindrops (~> 0.7)

PLATFORMS
  ruby

DEPENDENCIES
  foreman
  httparty
  sinatra
  unicorn
